PATH
  remote: .
  specs:
    naver_map (0.1.0)
      rest_client (~> 1.8.3)

GEM
  remote: https://rubygems.org/
  specs:
    netrc (0.7.9)
    rake (10.4.2)
    rest_client (1.8.3)
      netrc (~> 0.7.7)

PLATFORMS
  ruby

DEPENDENCIES
  bundler (~> 1.13)
  naver_map!
  rake (~> 10.0)
  rest_client (= 1.8.3)

BUNDLED WITH
   1.13.6
